PATH
  remote: .
  specs:
    command_tree (0.2.0)
      colorize

GEM
  remote: https://rubygems.org/
  specs:
    colorize (0.8.1)
    minitest (5.14.1)
    rake (13.0.1)

PLATFORMS
  ruby

DEPENDENCIES
  command_tree!
  minitest
  rake

BUNDLED WITH
   2.1.4
