PATH
  remote: .
  specs:
    command_tree (0.1.5)
      colorize (~> 0.8)

GEM
  remote: https://rubygems.org/
  specs:
    colorize (0.8.1)
    minitest (5.11.3)
    rake (10.5.0)

PLATFORMS
  ruby

DEPENDENCIES
  bundler (~> 1.16)
  command_tree!
  minitest (~> 5.0)
  rake (~> 10.0)

BUNDLED WITH
   1.16.1
